NUGET
  remote: https://api.nuget.org/v3/index.json
    FSharp.Core (4.0.0.1) - framework: >= net45
    Mono.Cecil (0.9.6.4) - framework: >= net45
    MySql.Data (6.9.9) - framework: >= net45
    Newtonsoft.Json (9.0.1) - framework: >= net45
    NLog (4.4.1) - framework: >= net45
    NUnit (2.6.4) - framework: >= net452
    NUnit.Runners (2.6.4) - framework: >= net452
    NUnitTestAdapter (2.0) - framework: >= net452
    StackExchange.Redis (1.1.608) - framework: >= net461
    Suave (2.0) - framework: >= net45
      FSharp.Core (>= 4.0.0.1) - framework: >= net10, netstandard10, netstandard11, netstandard12, netstandard13, netstandard14, netstandard15
    System.Reactive (3.1.1) - framework: >= net461
      System.Reactive.PlatformServices (>= 3.1.1)
      System.Reactive.Windows.Threading (>= 3.1.1) - framework: >= net45, winv4.5.1, wpav8.1
    System.Reactive.Core (3.1.1) - framework: >= net461
      System.Reactive.Interfaces (>= 3.1.1) - framework: >= net45, >= netstandard10
    System.Reactive.Interfaces (3.1.1) - framework: >= net461
    System.Reactive.Linq (3.1.1) - framework: >= net461
      System.Reactive.Core (>= 3.1.1) - framework: >= net45, >= netstandard10
    System.Reactive.PlatformServices (3.1.1) - framework: >= net461
      System.Reactive.Linq (>= 3.1.1)
    System.Reactive.Windows.Threading (3.1.1) - framework: >= net461
      System.Reactive.Core (>= 3.1.1)
